GEM
  remote: http://rubygems.org/
  specs:
    addressable (2.3.5)
    faraday (0.8.8)
      multipart-post (~> 1.2.0)
    haml (4.0.3)
      tilt
    multipart-post (1.2.0)
    octokit (2.4.0)
      sawyer (~> 0.5.1)
    rack (1.5.2)
    rack-protection (1.5.0)
      rack
    sawyer (0.5.1)
      addressable (~> 2.3.5)
      faraday (~> 0.8, < 0.10)
    shotgun (0.9)
      rack (>= 1.0)
    sinatra (1.4.3)
      rack (~> 1.4)
      rack-protection (~> 1.4)
      tilt (~> 1.3, >= 1.3.4)
    tilt (1.4.1)

PLATFORMS
  ruby

DEPENDENCIES
  haml
  octokit
  shotgun
  sinatra
